GIT
  remote: https://github.com/cryodex/sql-parser.git
  revision: bb6ec827bdf236e18bfe9e56edd4eba935c1af14
  ref: master
  specs:
    sql-parser (0.0.2)
      racc (= 1.4.12)

GIT
  remote: https://github.com/hotchpotch/term-ansicolor.git
  revision: 9d20ef36e494dfc1b18addc1eaae1acc162efd7b
  ref: 9d20ef3
  specs:
    term-ansicolor (1.0.5)

GIT
  remote: https://github.com/josephwilk/pairwise.git
  revision: ad77869a6e582c743c930c8dcbad54d84da8cef9
  ref: master
  specs:
    pairwise (0.2.3)

PATH
  remote: .
  specs:
    pentest (0.1.0)
      arproxy
      pairwise
      ruby_parser
      sql-parser
      term-ansicolor

GEM
  remote: https://rubygems.org/
  specs:
    activemodel (6.0.0)
      activesupport (= 6.0.0)
    activerecord (6.0.0)
      activemodel (= 6.0.0)
      activesupport (= 6.0.0)
    activesupport (6.0.0)
      concurrent-ruby (~> 1.0, >= 1.0.2)
      i18n (>= 0.7, < 2)
      minitest (~> 5.1)
      tzinfo (~> 1.1)
      zeitwerk (~> 2.1, >= 2.1.8)
    arproxy (0.2.6)
      activerecord (>= 4.2.0)
    concurrent-ruby (1.1.5)
    diff-lcs (1.3)
    i18n (1.6.0)
      concurrent-ruby (~> 1.0)
    minitest (5.11.3)
    racc (1.4.12)
    rake (10.5.0)
    rspec (3.8.0)
      rspec-core (~> 3.8.0)
      rspec-expectations (~> 3.8.0)
      rspec-mocks (~> 3.8.0)
    rspec-core (3.8.2)
      rspec-support (~> 3.8.0)
    rspec-expectations (3.8.4)
      diff-lcs (>= 1.2.0, < 2.0)
      rspec-support (~> 3.8.0)
    rspec-mocks (3.8.1)
      diff-lcs (>= 1.2.0, < 2.0)
      rspec-support (~> 3.8.0)
    rspec-support (3.8.2)
    ruby_parser (3.13.1)
      sexp_processor (~> 4.9)
    sexp_processor (4.12.1)
    thread_safe (0.3.6)
    tzinfo (1.2.5)
      thread_safe (~> 0.1)
    zeitwerk (2.1.9)

PLATFORMS
  ruby

DEPENDENCIES
  bundler (~> 1.17)
  pairwise!
  pentest!
  rake (~> 10.0)
  rspec (~> 3.0)
  sql-parser!
  term-ansicolor!

BUNDLED WITH
   1.17.2
